GEM
  remote: https://rubygems.org/
  specs:
    json (2.4.0)

PLATFORMS
  x64-mingw32

DEPENDENCIES
  json

BUNDLED WITH
   2.1.4
